GEM
  remote: https://rubygems.org/
  specs:
    csv (1.0.1)

PLATFORMS
  ruby

DEPENDENCIES
  csv

BUNDLED WITH
   1.16.1
